GEM
  remote: https://rubygems.org/
  specs:
    addressable (2.5.2)
      public_suffix (>= 2.0.2, < 4.0)
    ansi (1.5.0)
    ast (2.3.0)
    claide (1.0.2)
    claide-plugins (0.9.2)
      cork
      nap
      open4 (~> 1.3)
    colored2 (3.1.2)
    cork (0.3.0)
      colored2 (~> 3.1)
    danger (5.5.5)
      claide (~> 1.0)
      claide-plugins (>= 0.9.2)
      colored2 (~> 3.1)
      cork (~> 0.1)
      faraday (~> 0.9)
      faraday-http-cache (~> 1.0)
      git (~> 1)
      kramdown (~> 1.5)
      no_proxy_fix
      octokit (~> 4.7)
      terminal-table (~> 1)
    danger-android_lint (0.0.6)
      danger-plugin-api (~> 1.0)
      oga
    danger-checkstyle_format (0.1.1)
      danger-plugin-api (~> 1.0)
      ox (~> 2.0)
    danger-plugin-api (1.0.0)
      danger (> 2.0)
    faraday (0.13.1)
      multipart-post (>= 1.2, < 3)
    faraday-http-cache (1.3.1)
      faraday (~> 0.8)
    git (1.3.0)
    kramdown (1.16.2)
    multipart-post (2.0.0)
    nap (1.1.0)
    no_proxy_fix (0.1.2)
    octokit (4.8.0)
      sawyer (~> 0.8.0, >= 0.5.3)
    oga (2.13)
      ast
      ruby-ll (~> 2.1)
    open4 (1.3.4)
    ox (2.8.2)
    public_suffix (3.0.1)
    ruby-ll (2.1.2)
      ansi
      ast
    sawyer (0.8.1)
      addressable (>= 2.3.5, < 2.6)
      faraday (~> 0.8, < 1.0)
    terminal-table (1.8.0)
      unicode-display_width (~> 1.1, >= 1.1.1)
    unicode-display_width (1.3.0)

PLATFORMS
  ruby

DEPENDENCIES
  danger
  danger-android_lint
  danger-checkstyle_format

BUNDLED WITH
   1.16.1
